PATH
  remote: .
  specs:
    jpegtran (0.1.3)
      pipe-run (~> 0.3.0)

GEM
  remote: http://rubygems.org/
  specs:
    pipe-run (0.3.0)

PLATFORMS
  ruby

DEPENDENCIES
  bundler
  jpegtran!
